PATH
  remote: .
  specs:
    fluent-plugin-macos-log (0.0.1)
      fluentd (>= 1.2, < 2)
      yajl-ruby (~> 1.3)

GEM
  remote: https://rubygems.org/
  specs:
    concurrent-ruby (1.1.7)
    cool.io (1.7.0)
    fluentd (1.11.5)
      cool.io (>= 1.4.5, < 2.0.0)
      http_parser.rb (>= 0.5.1, < 0.7.0)
      msgpack (>= 1.3.1, < 2.0.0)
      serverengine (>= 2.2.2, < 3.0.0)
      sigdump (~> 0.2.2)
      strptime (>= 0.2.2, < 1.0.0)
      tzinfo (>= 1.0, < 3.0)
      tzinfo-data (~> 1.0)
      yajl-ruby (~> 1.0)
    http_parser.rb (0.6.0)
    minitest (5.14.2)
    msgpack (1.3.3)
    power_assert (1.2.0)
    rake (10.5.0)
    serverengine (2.2.2)
      sigdump (~> 0.2.2)
    sigdump (0.2.4)
    strptime (0.2.5)
    test-unit (3.3.7)
      power_assert
    tzinfo (2.0.3)
      concurrent-ruby (~> 1.0)
    tzinfo-data (1.2020.4)
      tzinfo (>= 1.0.0)
    yajl-ruby (1.4.1)

PLATFORMS
  ruby

DEPENDENCIES
  bundler (~> 2.0)
  fluent-plugin-macos-log!
  minitest (~> 5.0)
  rake (~> 10.0)
  test-unit (~> 3.2)

BUNDLED WITH
   2.1.4
