PATH
  remote: .
  specs:
    fluent-plugin-macos-log (0.0.3.beta.1)
      fluentd (>= 1.0, < 2)
      yajl-ruby (~> 1.3)

GEM
  remote: https://rubygems.org/
  specs:
    cool.io (1.7.1)
    fluentd (1.0.1)
      cool.io (>= 1.4.5, < 2.0.0)
      http_parser.rb (>= 0.5.1, < 0.7.0)
      msgpack (>= 0.7.0, < 2.0.0)
      ruby_dig (~> 0.0.2)
      serverengine (>= 2.0.4, < 3.0.0)
      sigdump (~> 0.2.2)
      strptime (~> 0.1)
      tzinfo (~> 1.0)
      tzinfo-data (~> 1.0)
      yajl-ruby (~> 1.0)
    http_parser.rb (0.6.0)
    minitest (5.14.4)
    msgpack (1.4.2)
    power_assert (2.0.0)
    rake (13.0.3)
    ruby_dig (0.0.2)
    serverengine (2.2.3)
      sigdump (~> 0.2.2)
    sigdump (0.2.4)
    strptime (0.2.5)
    test-unit (3.4.1)
      power_assert
    thread_safe (0.3.6)
    tzinfo (1.2.9)
      thread_safe (~> 0.1)
    tzinfo-data (1.2021.1)
      tzinfo (>= 1.0.0)
    yajl-ruby (1.4.1)

PLATFORMS
  ruby

DEPENDENCIES
  bundler (~> 2.0)
  fluent-plugin-macos-log!
  minitest (~> 5.0)
  rake (~> 13.0)
  test-unit (~> 3.2)

BUNDLED WITH
   2.1.4
